GEM
  remote: http://gemcutter.org/
  specs:
    bunny (0.6.0)
    configuration (1.1.0)
    crack (0.1.8)
    haml (3.0.18)
    httparty (0.6.1)
      crack (= 0.1.8)
    launchy (0.3.7)
      configuration (>= 0.0.5)
      rake (>= 0.8.1)
    rack (1.2.1)
    rake (0.8.7)
    shotgun (0.8)
      rack (>= 1.0)
    sinatra (1.0)
      rack (>= 1.0)

PLATFORMS
  ruby

DEPENDENCIES
  bunny
  configuration
  haml
  httparty
  launchy
  rack
  shotgun
  sinatra
